PATH
  remote: .
  specs:
    dollar (0.1.0)

GEM
  remote: https://rubygems.org/
  specs:
    rake (10.4.2)

PLATFORMS
  ruby

DEPENDENCIES
  bundler (~> 2.0)
  dollar!
  rake (~> 10.0)

BUNDLED WITH
   2.0.2
