PATH
  remote: .
  specs:
    dollar-command (0.1.2)

GEM
  remote: https://rubygems.org/
  specs:
    rake (13.0.0)

PLATFORMS
  ruby

DEPENDENCIES
  bundler (~> 2.0)
  dollar-command!
  rake (~> 13.0)

BUNDLED WITH
   2.0.2
